GIT
  remote: git://github.com/ritxi/slackistrano.git
  revision: cc4ac6fb60713b107071111516928c90029f173a
  specs:
    slackistrano (4.0.1)
      capistrano (>= 3.8.1)

GEM
  remote: http://rubygems.org/
  specs:
    airbrussh (1.4.0)
      sshkit (>= 1.6.1, != 1.7.0)
    capistrano (3.11.2)
      airbrussh (>= 1.0.0)
      i18n
      rake (>= 10.0.0)
      sshkit (>= 1.9.0)
    capistrano-composer (0.0.6)
      capistrano (>= 3.0.0.pre)
    capistrano-env-config (0.3.0)
      capistrano (~> 3.0)
      dotenv (~> 2.0)
    capistrano-file-permissions (1.0.0)
      capistrano (~> 3.0)
    capistrano-laravel (1.2.2)
      capistrano (>= 3.0.0)
      capistrano-composer (>= 0.0.6)
      capistrano-file-permissions (>= 1.0.0)
    capistrano-locally (0.2.6)
      capistrano (~> 3.0)
    capistrano-nvm (0.0.7)
      capistrano (~> 3.1)
    capistrano-yarn (2.0.2)
      capistrano (~> 3.0)
    concurrent-ruby (1.1.5)
    dotenv (2.7.5)
    i18n (1.8.2)
      concurrent-ruby (~> 1.0)
    net-scp (2.0.0)
      net-ssh (>= 2.6.5, < 6.0.0)
    net-ssh (5.2.0)
    rake (13.0.1)
    sshkit (1.20.0)
      net-scp (>= 1.1.2)
      net-ssh (>= 2.8.0)

PLATFORMS
  ruby

DEPENDENCIES
  capistrano (~> 3.6)
  capistrano-composer
  capistrano-env-config
  capistrano-laravel
  capistrano-locally
  capistrano-nvm
  capistrano-yarn
  slackistrano!

BUNDLED WITH
   1.16.6
